PATH
  remote: .
  specs:
    ocm (0.0.2)
      iron_cache
      jsonable

GEM
  remote: https://rubygems.org/
  specs:
    iron_cache (1.2.1)
      iron_core (>= 0.4.2)
    iron_core (0.4.2)
      rest (>= 2.0.2)
    jsonable (0.0.3)
    mime-types (1.19)
    minitest (3.3.0)
    net-http-persistent (2.7)
    rake (0.9.2.2)
    rest (2.0.2)
      net-http-persistent
      rest-client (>= 0.3.0)
    rest-client (1.6.7)
      mime-types (>= 1.16)
    test-unit (2.5.1)
    uber_config (0.0.6)

PLATFORMS
  ruby

DEPENDENCIES
  minitest
  ocm!
  rake
  test-unit
  uber_config
